GEM
  remote: http://rubygems.org/
  specs:
    activesupport (3.0.7)
    aws (2.5.3)
      http_connection
      uuidtools
      xml-simple
    columnize (0.3.2)
    git (1.11.0)
      rchardet (~> 1.8)
    http_connection (1.4.1)
    i18n (0.6.0)
    jeweler (1.6.2)
      bundler (~> 1.0)
      git (>= 1.2.5)
      rake
    linecache (0.43)
    mocha (0.9.12)
    rake (0.9.2)
    rchardet (1.8.0)
    rcov (0.9.9)
    reek (1.2.8)
      ruby2ruby (~> 1.2)
      ruby_parser (~> 2.0)
      sexp_processor (~> 3.0)
    roodi (2.1.0)
      ruby_parser
    ruby-debug (0.10.4)
      columnize (>= 0.1)
      ruby-debug-base (~> 0.10.4.0)
    ruby-debug-base (0.10.4)
      linecache (>= 0.3)
    ruby2ruby (1.2.5)
      ruby_parser (~> 2.0)
      sexp_processor (~> 3.0)
    ruby_parser (2.0.6)
      sexp_processor (~> 3.0)
    sexp_processor (3.0.5)
    uuidtools (2.1.2)
    xml-simple (1.0.16)

PLATFORMS
  ruby

DEPENDENCIES
  activesupport
  aws
  bundler (~> 1.0.0)
  i18n
  jeweler (~> 1.6.0)
  mocha
  rcov
  reek (~> 1.2.8)
  roodi (~> 2.1.0)
  ruby-debug
